GEM
  remote: https://rubygems.org/
  specs:
    connection_pool (2.3.0)
    dotenv (2.8.1)
    honeybadger (5.2.1)
    jwt (2.7.0)
    mustermann (3.0.0)
      ruby2_keywords (~> 0.0.1)
    nio4r (2.5.9)
    puma (6.2.2)
      nio4r (~> 2.0)
    rack (2.2.6.4)
    rack-contrib (2.3.0)
      rack (~> 2.0)
    rack-protection (3.0.6)
      rack
    redis (5.0.6)
      redis-client (>= 0.9.0)
    redis-client (0.12.2)
      connection_pool
    ruby2_keywords (0.0.5)
    sinatra (3.0.6)
      mustermann (~> 3.0)
      rack (~> 2.2, >= 2.2.4)
      rack-protection (= 3.0.6)
      tilt (~> 2.0)
    tilt (2.1.0)

PLATFORMS
  arm64-darwin-21
  arm64-darwin-22
  x86_64-linux

DEPENDENCIES
  dotenv
  honeybadger
  jwt
  puma
  rack-contrib
  redis
  sinatra

RUBY VERSION
   ruby 3.2.2p53

BUNDLED WITH
   2.4.1
